GEM
  remote: http://rubygems.org/
  specs:
    damerau-levenshtein (0.5.3)
    git (1.2.5)
    jeweler (1.6.4)
      bundler (~> 1.0)
      git (>= 1.2.5)
      rake
    rake (0.8.7)
    rcov (0.9.10)
    shoulda (2.11.3)

PLATFORMS
  ruby

DEPENDENCIES
  bundler (~> 1.0.0)
  damerau-levenshtein
  jeweler (~> 1.6.4)
  rake (= 0.8.7)
  rcov
  shoulda
